GEM
  remote: https://rubygems.org/
  specs:
    coderay (1.1.1)
    ffi (1.9.14)
    forgery (0.6.0)
    formatador (0.2.5)
    guard (2.14.0)
      formatador (>= 0.2.4)
      listen (>= 2.7, < 4.0)
      lumberjack (~> 1.0)
      nenv (~> 0.1)
      notiffany (~> 0.0)
      pry (>= 0.9.12)
      shellany (~> 0.0)
      thor (>= 0.18.1)
    guard-compat (1.2.1)
    guard-minitest (2.4.6)
      guard-compat (~> 1.2)
      minitest (>= 3.0)
    listen (3.1.5)
      rb-fsevent (~> 0.9, >= 0.9.4)
      rb-inotify (~> 0.9, >= 0.9.7)
      ruby_dep (~> 1.2)
    lumberjack (1.0.11)
    method_source (0.8.2)
    minitest (5.10.1)
    nenv (0.3.0)
    notiffany (0.1.1)
      nenv (~> 0.1)
      shellany (~> 0.0)
    pry (0.10.4)
      coderay (~> 1.1.0)
      method_source (~> 0.8.1)
      slop (~> 3.4)
    rb-fsevent (0.9.8)
    rb-inotify (0.9.7)
      ffi (>= 0.5.0)
    ruby_dep (1.5.0)
    shellany (0.0.1)
    slop (3.6.0)
    terminal-notifier-guard (1.7.0)
    thor (0.19.4)

PLATFORMS
  ruby

DEPENDENCIES
  forgery
  guard
  guard-minitest
  minitest
  terminal-notifier-guard

BUNDLED WITH
   1.13.6
